GEM
  remote: https://rubygems.org/
  specs:
    fastlane (2.76.1)
      CFPropertyList (>= 2.3, < 3.0.0)
      addressable (>= 2.3, < 3.0.0)
      babosa (>= 1.0.2, < 2.0.0)
      bundler (>= 1.12.0, < 2.0.0)
      colored
      commander-fastlane (>= 4.4.5, < 5.0.0)
      dotenv (>= 2.1.1, < 3.0.0)
      excon (>= 0.45.0, < 1.0.0)
      faraday (~> 0.9)
      faraday-cookie_jar (~> 0.0.6)
      faraday_middleware (~> 0.9)
      fastimage (>= 2.1.0, < 3.0.0)
      gh_inspector (>= 1.0.1, < 2.0.0)
      google-api-client (>= 0.13.1, < 0.14.0)
      highline (>= 1.7.2, < 2.0.0)
      json (< 3.0.0)
      mini_magick (~> 4.5.1)
      multi_json
      multi_xml (~> 0.5)
      multipart-post (~> 2.0.0)
      plist (>= 3.1.0, < 4.0.0)
      public_suffix (~> 2.0.0)
      rubyzip (>= 1.1.0, < 2.0.0)
      security (= 0.1.3)
      slack-notifier (>= 2.0.0, < 3.0.0)
      terminal-notifier (>= 1.6.2, < 2.0.0)
      terminal-table (>= 1.4.5, < 2.0.0)
      tty-screen (>= 0.6.3, < 1.0.0)
      tty-spinner (>= 0.8.0, < 1.0.0)
      word_wrap (~> 1.0.0)
      xcodeproj (>= 1.5.2, < 2.0.0)
      xcpretty (>= 0.2.4, < 1.0.0)
      xcpretty-travis-formatter (>= 0.0.3)

PLATFORMS
  ruby

DEPENDENCIES
  fastlane (~> 2.76, >= 2.76.1)

BUNDLED WITH
   1.15.4
